PATH
  remote: .
  specs:
    anvil-cli (0.16.1)
      progress (~> 2.4.0)
      rest-client (~> 1.6.7)
      thor (~> 0.18.1)

GEM
  remote: https://rubygems.org/
  specs:
    mime-types (2.1)
    progress (2.4.0)
    rake (10.1.1)
    rest-client (1.6.7)
      mime-types (>= 1.16)
    thor (0.18.1)

PLATFORMS
  ruby

DEPENDENCIES
  anvil-cli!
  rake
